GEM
  remote: http://rubygems.org/
  specs:
    builder (3.0.0)
    daemons (1.1.2)
    erubis (2.7.0)
    eventmachine (0.12.10)
    haml (3.0.11)
    hpricot (0.8.4)
    json (1.5.1)
    rack (1.2.2)
    ruby_parser (2.0.6)
      sexp_processor (~> 3.0)
    sexp_processor (3.0.5)
    sinatra (1.0)
      rack (>= 1.0)
    thin (1.2.11)
      daemons (>= 1.0.9)
      eventmachine (>= 0.12.6)
      rack (>= 1.0.0)

PLATFORMS
  ruby

DEPENDENCIES
  builder
  erubis
  haml
  hpricot
  json
  ruby_parser
  sinatra
  thin
